GEM
  specs:
    CFPropertyList (2.1.1)
    builder (3.0.0)
    calabash-cucumber (0.9.94)
      CFPropertyList
      bundler (~> 1.1)
      cucumber
      httpclient (~> 2.2.7)
      json
      location-one (~> 0.0.5)
      sim_launcher (= 0.3.8)
      slowhandcuke
    cucumber (1.2.1)
      builder (>= 2.1.2)
      diff-lcs (>= 1.1.3)
      gherkin (~> 2.11.0)
      json (>= 1.4.6)
    diff-lcs (1.1.3)
    geocoder (1.1.2)
    gherkin (2.11.1)
      json (>= 1.4.6)
    httpclient (2.2.7)
    json (1.7.4)
    location-one (0.0.5)
      geocoder (~> 1.1)
      json
    net-http-persistent (2.7)
    rack (1.4.1)
    rack-protection (1.2.0)
      rack
    rake (0.9.2.2)
    rubygems-bundler (1.0.3)
    rvm (1.11.3.5)
    sim_launcher (0.3.8)
      sinatra
    sinatra (1.3.2)
      rack (~> 1.3, >= 1.3.6)
      rack-protection (~> 1.2)
      tilt (~> 1.3, >= 1.3.3)
    slowhandcuke (0.0.3)
      cucumber
    tilt (1.3.3)

PLATFORMS
  ruby

DEPENDENCIES
  CFPropertyList
  builder
  bundler
  calabash-cucumber (= 0.9.94)
  cucumber
  diff-lcs
  geocoder
  gherkin
  json
  location-one
  net-http-persistent
  rack
  rack-protection
  rake
  rubygems-bundler
  rvm
  sim_launcher
  sinatra
  slowhandcuke
  tilt
